GEM
  remote: https://rubygems.org/
  specs:
    ffi (1.10.0)
    mustermann (1.0.3)
    natto (1.1.2)
      ffi (>= 1.9.0)
    parseconfig (1.0.8)
    rack (2.0.6)
    rack-protection (2.0.4)
      rack
    redcarpet (3.4.0)
    sequel (5.15.0)
    sinatra (2.0.4)
      mustermann (~> 1.0)
      rack (~> 2.0)
      rack-protection (= 2.0.4)
      tilt (~> 2.0)
    sqlite3 (1.3.13)
    tilt (2.0.9)

PLATFORMS
  ruby

DEPENDENCIES
  natto
  parseconfig
  redcarpet
  sequel
  sinatra
  sqlite3

BUNDLED WITH
   1.17.3
