GEM
  remote: https://rubygems.org/
  specs:
    ffi (1.10.0)
    kgio (2.11.2)
    logger (1.3.0)
    mustermann (1.0.3)
    natto (1.1.2)
      ffi (>= 1.9.0)
    parseconfig (1.0.8)
    rack (2.0.6)
    rack-protection (2.0.4)
      rack
    raindrops (0.19.0)
    redcarpet (3.4.0)
    sequel (5.15.0)
    sinatra (2.0.4)
      mustermann (~> 1.0)
      rack (~> 2.0)
      rack-protection (= 2.0.4)
      tilt (~> 2.0)
    sqlite3 (1.3.13)
    tilt (2.0.9)
    unicorn (5.4.1)
      kgio (~> 2.6)
      raindrops (~> 0.7)

PLATFORMS
  ruby

DEPENDENCIES
  logger
  natto
  parseconfig
  rack
  redcarpet
  sequel
  sinatra
  sqlite3
  unicorn

BUNDLED WITH
   2.0.1
